GEM
  remote: https://rubygems.org/
  specs:
    bson (4.5.0)
    bson_ext (1.5.1)
    coderay (1.1.2)
    dotenv (2.7.2)
    method_source (0.9.2)
    mongo (2.8.0)
      bson (>= 4.4.2, < 5.0.0)
    mustermann (2.0.2)
      ruby2_keywords (~> 0.0.1)
    pry (0.12.2)
      coderay (~> 1.1.0)
      method_source (~> 0.9.0)
    rack (2.2.4)
    rack-protection (2.2.3)
      rack
    rb-readline (0.5.5)
    ruby2_keywords (0.0.5)
    shotgun (0.9.2)
      rack (>= 1.0)
    sinatra (2.2.3)
      mustermann (~> 2.0)
      rack (~> 2.2)
      rack-protection (= 2.2.3)
      tilt (~> 2.0)
    tilt (2.0.11)

PLATFORMS
  ruby

DEPENDENCIES
  bson_ext
  dotenv
  mongo
  pry
  rb-readline
  shotgun
  sinatra

BUNDLED WITH
   1.16.4
